GEM
  remote: http://rubygems.org/
  specs:
    diff-lcs (1.1.3)
    ffi (1.0.11)
    gettext (2.3.1)
      locale
    gir_ffi (0.4.1)
      ffi (~> 1.0.8)
      indentation (~> 0.0.6)
    gir_ffi-gtk (0.4.0)
      gir_ffi (~> 0.4.0)
    git (1.2.5)
    gtk3assist (0.0.5)
      gir_ffi-gtk
      xml-simple
    indentation (0.0.6)
    jeweler (1.8.4)
      bundler (~> 1.0)
      git (>= 1.2.5)
      rake
      rdoc
    json (1.7.5)
    locale (2.0.8)
    rake (0.9.2.2)
    rdoc (3.12)
      json (~> 1.4)
    rspec (2.8.0)
      rspec-core (~> 2.8.0)
      rspec-expectations (~> 2.8.0)
      rspec-mocks (~> 2.8.0)
    rspec-core (2.8.0)
    rspec-expectations (2.8.0)
      diff-lcs (~> 1.1.2)
    rspec-mocks (2.8.0)
    wref (0.0.5)
    xml-simple (1.1.1)

PLATFORMS
  ruby

DEPENDENCIES
  bundler (>= 1.0.0)
  gettext
  gir_ffi
  gtk3assist
  jeweler (~> 1.8.3)
  rdoc (~> 3.12)
  rspec (~> 2.8.0)
  wref
