GEM
  remote: http://rubygems.org/
  specs:
    autogc (0.0.3)
    datet (0.0.21)
    diff-lcs (1.1.3)
    ffi (1.2.1)
    gettext (2.3.7)
      levenshtein
      locale
    gir_ffi (0.5.0)
      ffi (~> 1.2.0)
      indentation (~> 0.0.6)
    gir_ffi-gtk (0.5.0)
      gir_ffi (~> 0.5.0)
    git (1.2.5)
    gtk3assist (0.0.9)
      gir_ffi-gtk
      xml-simple
    http2 (0.0.13)
    indentation (0.0.7)
    jeweler (1.8.4)
      bundler (~> 1.0)
      git (>= 1.2.5)
      rake
      rdoc
    json (1.7.7)
    knjrbfw (0.0.101)
      datet
      http2
      php4r
      tsafe
      wref
    levenshtein (0.2.2)
    locale (2.0.8)
    php4r (0.0.3)
      datet
      http2
    rake (10.0.3)
    rdoc (3.12.1)
      json (~> 1.4)
    rspec (2.8.0)
      rspec-core (~> 2.8.0)
      rspec-expectations (~> 2.8.0)
      rspec-mocks (~> 2.8.0)
    rspec-core (2.8.0)
    rspec-expectations (2.8.0)
      diff-lcs (~> 1.1.2)
    rspec-mocks (2.8.0)
    tsafe (0.0.11)
    wref (0.0.6)
    xml-simple (1.1.2)

PLATFORMS
  ruby

DEPENDENCIES
  autogc
  bundler (>= 1.0.0)
  gettext
  gir_ffi
  gtk3assist
  jeweler (~> 1.8.3)
  knjrbfw
  rdoc (~> 3.12)
  rspec (~> 2.8.0)
  wref
